GEM
  specs:
    cli-ui (1.5.1)

PLATFORMS
  x86_64-linux

DEPENDENCIES
  cli-ui (~> 1.5.1)

BUNDLED WITH
   2.2.9
